GEM
  remote: https://rubygems.org/
  specs:
    actioncable (5.2.3)
      actionpack (= 5.2.3)
      nio4r (~> 2.0)
      websocket-driver (>= 0.6.1)
    actionmailer (5.2.3)
      actionpack (= 5.2.3)
      actionview (= 5.2.3)
      activejob (= 5.2.3)
      mail (~> 2.5, >= 2.5.4)
      rails-dom-testing (~> 2.0)
    actionpack (5.2.3)
      actionview (= 5.2.3)
      activesupport (= 5.2.3)
      rack (~> 2.0)
      rack-test (>= 0.6.3)
      rails-dom-testing (~> 2.0)
      rails-html-sanitizer (~> 1.0, >= 1.0.2)
    actionview (5.2.3)
      activesupport (= 5.2.3)
      builder (~> 3.1)
      erubi (~> 1.4)
      rails-dom-testing (~> 2.0)
      rails-html-sanitizer (~> 1.0, >= 1.0.3)
    active_model_serializers (0.10.9)
      actionpack (>= 4.1, < 6)
      activemodel (>= 4.1, < 6)
      case_transform (>= 0.2)
      jsonapi-renderer (>= 0.1.1.beta1, < 0.3)
    activejob (5.2.3)
      activesupport (= 5.2.3)
      globalid (>= 0.3.6)
    activemodel (5.2.3)
      activesupport (= 5.2.3)
    activerecord (5.2.3)
      activemodel (= 5.2.3)
      activesupport (= 5.2.3)
      arel (>= 9.0)
    activestorage (5.2.3)
      actionpack (= 5.2.3)
      activerecord (= 5.2.3)
      marcel (~> 0.3.1)
    activesupport (5.2.3)
      concurrent-ruby (~> 1.0, >= 1.0.2)
      i18n (>= 0.7, < 2)
      minitest (~> 5.1)
      tzinfo (~> 1.1)
    addressable (2.6.0)
      public_suffix (>= 2.0.2, < 4.0)
    arel (9.0.0)
    ast (2.4.0)
    aws-eventstream (1.0.3)
    aws-partitions (1.173.0)
    aws-sdk-core (3.54.2)
      aws-eventstream (~> 1.0, >= 1.0.2)
      aws-partitions (~> 1.0)
      aws-sigv4 (~> 1.1)
      jmespath (~> 1.0)
    aws-sdk-kms (1.21.0)
      aws-sdk-core (~> 3, >= 3.53.0)
      aws-sigv4 (~> 1.1)
    aws-sdk-s3 (1.42.0)
      aws-sdk-core (~> 3, >= 3.53.0)
      aws-sdk-kms (~> 1)
      aws-sigv4 (~> 1.1)
    aws-sigv4 (1.1.0)
      aws-eventstream (~> 1.0, >= 1.0.2)
    bcrypt (3.1.13)
    bindex (0.7.0)
    blazer (2.1.0)
      activerecord (>= 4.2)
      chartkick (>= 3.2)
      railties (>= 4.2)
      safely_block (>= 0.1.1)
    bootsnap (1.4.4)
      msgpack (~> 1.0)
    builder (3.2.3)
    byebug (11.0.1)
    capybara (3.24.0)
      addressable
      mini_mime (>= 0.1.3)
      nokogiri (~> 1.8)
      rack (>= 1.6.0)
      rack-test (>= 0.6.3)
      regexp_parser (~> 1.5)
      xpath (~> 3.2)
    case_transform (0.2)
      activesupport
    chartkick (3.2.0)
    childprocess (1.0.1)
      rake (< 13.0)
    clearance (1.17.0)
      actionmailer (>= 3.1)
      activemodel (>= 3.1)
      activerecord (>= 3.1)
      bcrypt
      email_validator (~> 1.4)
      railties (>= 3.1)
    coffee-rails (4.2.2)
      coffee-script (>= 2.2.0)
      railties (>= 4.0.0)
    coffee-script (2.4.1)
      coffee-script-source
      execjs
    coffee-script-source (1.12.2)
    concurrent-ruby (1.1.5)
    connection_pool (2.2.2)
    content_disposition (1.0.0)
    crass (1.0.4)
    css_parser (1.7.0)
      addressable
    diff-lcs (1.3)
    docile (1.3.2)
    dotenv (2.7.2)
    dotenv-rails (2.7.2)
      dotenv (= 2.7.2)
      railties (>= 3.2, < 6.1)
    down (4.8.1)
      addressable (~> 2.5)
    elasticsearch (7.1.0)
      elasticsearch-api (= 7.1.0)
      elasticsearch-transport (= 7.1.0)
    elasticsearch-api (7.1.0)
      multi_json
    elasticsearch-transport (7.1.0)
      faraday
      multi_json
    email_spec (2.2.0)
      htmlentities (~> 4.3.3)
      launchy (~> 2.1)
      mail (~> 2.7)
    email_validator (1.6.0)
      activemodel
    errbase (0.1.1)
    erubi (1.8.0)
    et-orbi (1.2.1)
      tzinfo
    execjs (2.7.0)
    factory_bot (5.0.2)
      activesupport (>= 4.2.0)
    factory_bot_rails (5.0.2)
      factory_bot (~> 5.0.2)
      railties (>= 4.2.0)
    faraday (0.15.4)
      multipart-post (>= 1.2, < 3)
    ffi (1.11.1)
    friendly_id (5.2.5)
      activerecord (>= 4.0.0)
    fugit (1.2.1)
      et-orbi (~> 1.1, >= 1.1.8)
      raabro (~> 1.1)
    globalid (0.4.2)
      activesupport (>= 4.2.0)
    hashie (3.6.0)
    htmlentities (4.3.4)
    i18n (1.6.0)
      concurrent-ruby (~> 1.0)
    image_processing (1.9.0)
      mini_magick (>= 4.9.3, < 5)
      ruby-vips (>= 2.0.13, < 3)
    jaro_winkler (1.5.2)
    jmespath (1.4.0)
    json (2.2.0)
    jsonapi-renderer (0.2.2)
    jwt (1.5.6)
    kaminari (1.1.1)
      activesupport (>= 4.1.0)
      kaminari-actionview (= 1.1.1)
      kaminari-activerecord (= 1.1.1)
      kaminari-core (= 1.1.1)
    kaminari-actionview (1.1.1)
      actionview
      kaminari-core (= 1.1.1)
    kaminari-activerecord (1.1.1)
      activerecord
      kaminari-core (= 1.1.1)
    kaminari-core (1.1.1)
    knock (2.1.1)
      bcrypt (~> 3.1)
      jwt (~> 1.5)
      rails (>= 4.2)
    launchy (2.4.3)
      addressable (~> 2.3)
    letter_opener (1.7.0)
      launchy (~> 2.2)
    listen (3.1.5)
      rb-fsevent (~> 0.9, >= 0.9.4)
      rb-inotify (~> 0.9, >= 0.9.7)
      ruby_dep (~> 1.2)
    loofah (2.2.3)
      crass (~> 1.0.2)
      nokogiri (>= 1.5.9)
    mail (2.7.1)
      mini_mime (>= 0.1.1)
    marcel (0.3.3)
      mimemagic (~> 0.3.2)
    method_source (0.9.2)
    mimemagic (0.3.3)
    mini_magick (4.9.3)
    mini_mime (1.0.1)
    mini_portile2 (2.4.0)
    minitest (5.11.3)
    msgpack (1.2.10)
    multi_json (1.13.1)
    multipart-post (2.1.1)
    nio4r (2.3.1)
    nokogiri (1.10.3)
      mini_portile2 (~> 2.4.0)
    paper_trail (10.3.0)
      activerecord (>= 4.2, < 6.1)
      request_store (~> 1.1)
    parallel (1.17.0)
    parser (2.6.3.0)
      ast (~> 2.4.0)
    pg (1.1.4)
    premailer (1.11.1)
      addressable
      css_parser (>= 1.6.0)
      htmlentities (>= 4.0.0)
    premailer-rails (1.10.2)
      actionmailer (>= 3, < 6)
      premailer (~> 1.7, >= 1.7.9)
    public_suffix (3.1.0)
    puma (3.12.1)
    pundit (2.0.1)
      activesupport (>= 3.0.0)
    raabro (1.1.6)
    rack (2.0.7)
    rack-cors (1.0.3)
    rack-protection (2.0.5)
      rack
    rack-proxy (0.6.5)
      rack
    rack-test (1.1.0)
      rack (>= 1.0, < 3)
    rails (5.2.3)
      actioncable (= 5.2.3)
      actionmailer (= 5.2.3)
      actionpack (= 5.2.3)
      actionview (= 5.2.3)
      activejob (= 5.2.3)
      activemodel (= 5.2.3)
      activerecord (= 5.2.3)
      activestorage (= 5.2.3)
      activesupport (= 5.2.3)
      bundler (>= 1.3.0)
      railties (= 5.2.3)
      sprockets-rails (>= 2.0.0)
    rails-dom-testing (2.0.3)
      activesupport (>= 4.2.0)
      nokogiri (>= 1.6)
    rails-html-sanitizer (1.0.4)
      loofah (~> 2.2, >= 2.2.2)
    railties (5.2.3)
      actionpack (= 5.2.3)
      activesupport (= 5.2.3)
      method_source
      rake (>= 0.8.7)
      thor (>= 0.19.0, < 2.0)
    rainbow (3.0.0)
    rake (12.3.2)
    rb-fsevent (0.10.3)
    rb-inotify (0.10.0)
      ffi (~> 1.0)
    redis (4.1.2)
    regexp_parser (1.5.1)
    request_store (1.4.1)
      rack (>= 1.4)
    rollbar (2.20.1)
      multi_json
    rspec-core (3.8.0)
      rspec-support (~> 3.8.0)
    rspec-expectations (3.8.4)
      diff-lcs (>= 1.2.0, < 2.0)
      rspec-support (~> 3.8.0)
    rspec-mocks (3.8.0)
      diff-lcs (>= 1.2.0, < 2.0)
      rspec-support (~> 3.8.0)
    rspec-rails (3.8.2)
      actionpack (>= 3.0)
      activesupport (>= 3.0)
      railties (>= 3.0)
      rspec-core (~> 3.8.0)
      rspec-expectations (~> 3.8.0)
      rspec-mocks (~> 3.8.0)
      rspec-support (~> 3.8.0)
    rspec-support (3.8.2)
    rubocop (0.71.0)
      jaro_winkler (~> 1.5.1)
      parallel (~> 1.10)
      parser (>= 2.6)
      rainbow (>= 2.2.2, < 4.0)
      ruby-progressbar (~> 1.7)
      unicode-display_width (>= 1.4.0, < 1.7)
    rubocop-performance (1.3.0)
      rubocop (>= 0.68.0)
    ruby-progressbar (1.10.1)
    ruby-vips (2.0.14)
      ffi (~> 1.9)
    ruby_dep (1.5.0)
    rubyzip (1.2.3)
    safely_block (0.2.1)
      errbase
    sassc (2.0.1)
      ffi (~> 1.9)
      rake
    sassc-rails (2.1.1)
      railties (>= 4.0.0)
      sassc (>= 2.0)
      sprockets (> 3.0)
      sprockets-rails
      tilt
    searchkick (4.0.2)
      activemodel (>= 5)
      elasticsearch (>= 6)
      hashie
    selenium-webdriver (3.142.3)
      childprocess (>= 0.5, < 2.0)
      rubyzip (~> 1.2, >= 1.2.2)
    shrine (2.17.1)
      content_disposition (~> 1.0)
      down (~> 4.1)
    shrine-memory (0.3.0)
      shrine (~> 2.2)
    sidekiq (5.2.7)
      connection_pool (~> 2.2, >= 2.2.2)
      rack (>= 1.5.0)
      rack-protection (>= 1.5.0)
      redis (>= 3.3.5, < 5)
    sidekiq-cron (1.1.0)
      fugit (~> 1.1)
      sidekiq (>= 4.2.1)
    simple_form (4.1.0)
      actionpack (>= 5.0)
      activemodel (>= 5.0)
    simplecov (0.16.1)
      docile (~> 1.1)
      json (>= 1.8, < 3)
      simplecov-html (~> 0.10.0)
    simplecov-html (0.10.2)
    skylight (4.1.0)
      skylight-core (= 4.1.0)
    skylight-core (4.1.0)
      activesupport (>= 4.2.0)
    slim (4.0.1)
      temple (>= 0.7.6, < 0.9)
      tilt (>= 2.0.6, < 2.1)
    slim-rails (3.2.0)
      actionpack (>= 3.1)
      railties (>= 3.1)
      slim (>= 3.0, < 5.0)
    spring (2.0.2)
      activesupport (>= 4.2)
    spring-commands-rspec (1.0.4)
      spring (>= 0.9.1)
    spring-watcher-listen (2.0.1)
      listen (>= 2.7, < 4.0)
      spring (>= 1.2, < 3.0)
    sprockets (3.7.2)
      concurrent-ruby (~> 1.0)
      rack (> 1, < 3)
    sprockets-rails (3.2.1)
      actionpack (>= 4.0)
      activesupport (>= 4.0)
      sprockets (>= 3.0.0)
    stringex (2.8.5)
    temple (0.8.1)
    thor (0.20.3)
    thread_safe (0.3.6)
    tilt (2.0.9)
    turbolinks (5.2.0)
      turbolinks-source (~> 5.2)
    turbolinks-source (5.2.0)
    tzinfo (1.2.5)
      thread_safe (~> 0.1)
    unicode-display_width (1.6.0)
    web-console (3.7.0)
      actionview (>= 5.0)
      activemodel (>= 5.0)
      bindex (>= 0.4.0)
      railties (>= 5.0)
    webdrivers (4.0.1)
      nokogiri (~> 1.6)
      rubyzip (~> 1.0)
      selenium-webdriver (>= 3.0, < 4.0)
    webpacker (4.0.7)
      activesupport (>= 4.2)
      rack-proxy (>= 0.6.1)
      railties (>= 4.2)
    websocket-driver (0.7.1)
      websocket-extensions (>= 0.1.0)
    websocket-extensions (0.1.4)
    xpath (3.2.0)
      nokogiri (~> 1.8)

PLATFORMS
  ruby

DEPENDENCIES
  active_model_serializers
  aws-sdk-s3
  blazer
  bootsnap (>= 1.1.0)
  byebug
  capybara (>= 2.15)
  clearance
  coffee-rails (~> 4.2)
  dotenv-rails
  email_spec
  factory_bot_rails
  friendly_id
  image_processing
  kaminari
  knock
  launchy
  letter_opener
  listen (>= 3.0.5, < 3.2)
  mini_magick
  paper_trail
  pg (~> 1.0)
  premailer-rails
  puma (~> 3.11)
  pundit
  rack
  rack-cors
  rails (~> 5.2.3)
  redis (~> 4.1)
  rollbar
  rspec-rails
  rubocop
  rubocop-performance
  sassc-rails
  searchkick
  shrine
  shrine-memory
  sidekiq
  sidekiq-cron
  simple_form (>= 3.5.1)
  simplecov
  skylight
  slim-rails
  spring
  spring-commands-rspec
  spring-watcher-listen (~> 2.0.0)
  stringex
  turbolinks (~> 5)
  tzinfo-data
  web-console (>= 3.3.0)
  webdrivers
  webpacker (>= 4)

RUBY VERSION
   ruby 2.6.3p62

BUNDLED WITH
   1.17.3
